GEM
  remote: http://ruby.taobao.org/
  specs:
    RedCloth (4.2.9)
    haml (3.1.8)
    maruku (0.7.0)
    nesta (0.9.13)
      RedCloth (~> 4.2)
      haml (~> 3.1)
      rack (~> 1.1)
      rdiscount (~> 1.6)
      sass (~> 3.1)
      shotgun (>= 0.8)
      sinatra (~> 1.3)
    nesta-plugin-cache (0.0.1)
      nesta (~> 0.9.11)
      sinatra (~> 1.2)
    rack (1.5.2)
    rack-force_domain (0.1.1)
    rack-protection (1.5.1)
      rack
    rack-rewrite (1.4.1)
    rdiscount (1.6.8)
    sass (3.2.12)
    shotgun (0.9)
      rack (>= 1.0)
    sinatra (1.4.4)
      rack (~> 1.4)
      rack-protection (~> 1.4)
      tilt (~> 1.3, >= 1.3.4)
    tilt (1.4.1)

PLATFORMS
  ruby

DEPENDENCIES
  maruku
  nesta (= 0.9.13)
  nesta-plugin-cache
  rack-force_domain (= 0.1.1)
  rack-rewrite
